GEM
  specs:
    plist (3.1.0)

PLATFORMS
  ruby

DEPENDENCIES
  plist
